GEM
  remote: https://www.rubygems.org/
  specs:
    binding_of_caller (0.7.2)
      debug_inspector (>= 0.0.1)
    debug_inspector (0.0.2)
    domain_name (0.5.20160826)
      unf (>= 0.0.5, < 1.0.0)
    http-cookie (1.0.2)
      domain_name (~> 0.5)
    interception (0.5)
    mime-types (3.1)
      mime-types-data (~> 3.2015)
    mime-types-data (3.2016.0521)
    minitest (5.9.0)
    mrspec (0.3.1)
      minitest (~> 5.0)
      rspec-core (~> 3.2)
      what_weve_got_here_is_an_error_to_communicate (~> 0.0.8)
    netrc (0.11.0)
    rest-client (2.0.0)
      http-cookie (>= 1.0.2, < 2.0)
      mime-types (>= 1.16, < 4.0)
      netrc (~> 0.8)
    rouge (1.11.1)
    rspec-core (3.5.3)
      rspec-support (~> 3.5.0)
    rspec-support (3.5.0)
    unf (0.1.4)
      unf_ext
    unf_ext (0.0.7.2)
    what_weve_got_here_is_an_error_to_communicate (0.0.8)
      binding_of_caller (~> 0.7.2)
      interception (~> 0.5)
      rouge (~> 1.8, != 1.9.1)

PLATFORMS
  ruby

DEPENDENCIES
  mrspec
  rest-client

BUNDLED WITH
   1.11.2
